RESTRICTION: >= net461
NUGET
  remote: https://www.nuget.org/api/v2
    FAKE (4.64.3)
    FSharp.Control.Reactive (3.5)
      System.Reactive (>= 3.0)
    FSharp.Core (4.2.3)
    FSharpx.Core (1.8.32)
    FsUnit (3.0)
      FSharp.Core (>= 3.1.2.5) - restriction: && (>= net461) (< netstandard1.6)
      FSharp.Core (>= 4.1) - restriction: && (>= net461) (>= netstandard1.6)
      NETStandard.Library (>= 1.6) - restriction: && (>= net461) (>= netstandard1.6)
      NUnit (>= 3.6)
    Microsoft.NETCore.Platforms (1.1) - restriction: && (>= net461) (>= netstandard1.6)
    Microsoft.Win32.Primitives (4.3) - restriction: && (>= net461) (>= netstandard1.6)
    NETStandard.Library (1.6.1) - restriction: && (>= net461) (>= netstandard1.6)
      Microsoft.NETCore.Platforms (>= 1.1)
      Microsoft.Win32.Primitives (>= 4.3)
      System.AppContext (>= 4.3)
      System.Collections (>= 4.3)
      System.Collections.Concurrent (>= 4.3)
      System.Console (>= 4.3)
      System.Diagnostics.Debug (>= 4.3)
      System.Diagnostics.Tools (>= 4.3)
      System.Diagnostics.Tracing (>= 4.3)
      System.Globalization (>= 4.3)
      System.Globalization.Calendars (>= 4.3)
      System.IO (>= 4.3)
      System.IO.Compression (>= 4.3)
      System.IO.Compression.ZipFile (>= 4.3)
      System.IO.FileSystem (>= 4.3)
      System.IO.FileSystem.Primitives (>= 4.3)
      System.Linq (>= 4.3)
      System.Linq.Expressions (>= 4.3)
      System.Net.Http (>= 4.3)
      System.Net.Primitives (>= 4.3)
      System.Net.Sockets (>= 4.3)
      System.ObjectModel (>= 4.3)
      System.Reflection (>= 4.3)
      System.Reflection.Extensions (>= 4.3)
      System.Reflection.Primitives (>= 4.3)
      System.Resources.ResourceManager (>= 4.3)
      System.Runtime (>= 4.3)
      System.Runtime.Extensions (>= 4.3)
      System.Runtime.Handles (>= 4.3)
      System.Runtime.InteropServices (>= 4.3)
      System.Runtime.InteropServices.RuntimeInformation (>= 4.3)
      System.Runtime.Numerics (>= 4.3)
      System.Security.Cryptography.Algorithms (>= 4.3)
      System.Security.Cryptography.Encoding (>= 4.3)
      System.Security.Cryptography.Primitives (>= 4.3)
      System.Security.Cryptography.X509Certificates (>= 4.3)
      System.Text.Encoding (>= 4.3)
      System.Text.Encoding.Extensions (>= 4.3)
      System.Text.RegularExpressions (>= 4.3)
      System.Threading (>= 4.3)
      System.Threading.Tasks (>= 4.3)
      System.Threading.Timer (>= 4.3)
      System.Xml.ReaderWriter (>= 4.3)
      System.Xml.XDocument (>= 4.3)
    NUnit (3.7.1)
    NUnit.Console (3.7)
      NUnit.ConsoleRunner (>= 3.7)
      NUnit.Extension.NUnitProjectLoader (>= 3.5)
      NUnit.Extension.NUnitV2Driver (>= 3.6)
      NUnit.Extension.NUnitV2ResultWriter (>= 3.5)
      NUnit.Extension.TeamCityEventListener (>= 1.0.2)
      NUnit.Extension.VSProjectLoader (>= 3.5)
    NUnit.ConsoleRunner (3.7)
    NUnit.Extension.NUnitProjectLoader (3.5)
    NUnit.Extension.NUnitV2Driver (3.6)
    NUnit.Extension.NUnitV2ResultWriter (3.5)
    NUnit.Extension.TeamCityEventListener (1.0.2)
    NUnit.Extension.VSProjectLoader (3.5)
    System.AppContext (4.3) - restriction: && (>= net461) (>= netstandard1.6)
    System.Collections (4.3) - restriction: && (>= net461) (>= netstandard1.6)
    System.Collections.Concurrent (4.3) - restriction: && (>= net461) (>= netstandard1.6)
    System.Console (4.3) - restriction: && (>= net461) (>= netstandard1.6)
    System.Diagnostics.Debug (4.3) - restriction: && (>= net461) (>= netstandard1.6)
    System.Diagnostics.Tools (4.3) - restriction: && (>= net461) (>= netstandard1.6)
    System.Diagnostics.Tracing (4.3) - restriction: && (>= net461) (>= netstandard1.6)
    System.Globalization (4.3) - restriction: && (>= net461) (>= netstandard1.6)
    System.Globalization.Calendars (4.3) - restriction: && (>= net461) (>= netstandard1.6)
    System.IO (4.3) - restriction: && (>= net461) (>= netstandard1.6)
    System.IO.Compression (4.3) - restriction: && (>= net461) (>= netstandard1.6)
    System.IO.Compression.ZipFile (4.3) - restriction: && (>= net461) (>= netstandard1.6)
    System.IO.FileSystem (4.3) - restriction: && (>= net461) (>= netstandard1.6)
      System.IO.FileSystem.Primitives (>= 4.3)
    System.IO.FileSystem.Primitives (4.3) - restriction: && (>= net461) (>= netstandard1.6)
    System.Linq (4.3) - restriction: && (>= net461) (>= netstandard1.6)
    System.Linq.Expressions (4.3) - restriction: && (>= net461) (>= netstandard1.6)
    System.Net.Http (4.3.2) - restriction: && (>= net461) (>= netstandard1.6)
      System.Security.Cryptography.X509Certificates (>= 4.3)
    System.Net.Primitives (4.3) - restriction: && (>= net461) (>= netstandard1.6)
    System.Net.Sockets (4.3) - restriction: && (>= net461) (>= netstandard1.6)
    System.ObjectModel (4.3) - restriction: && (>= net461) (>= netstandard1.6)
    System.Reactive (3.1.1)
      System.Reactive.PlatformServices (>= 3.1.1)
      System.Reactive.Windows.Threading (>= 3.1.1)
    System.Reactive.Core (3.1.1)
      System.Reactive.Interfaces (>= 3.1.1)
    System.Reactive.Interfaces (3.1.1)
    System.Reactive.Linq (3.1.1)
      System.Reactive.Core (>= 3.1.1)
    System.Reactive.PlatformServices (3.1.1)
      System.Reactive.Linq (>= 3.1.1)
    System.Reactive.Windows.Forms (3.1.1)
      System.Reactive.Core (>= 3.1.1)
    System.Reactive.Windows.Threading (3.1.1)
      System.Reactive.Core (>= 3.1.1)
    System.Reflection (4.3) - restriction: && (>= net461) (>= netstandard1.6)
    System.Reflection.Extensions (4.3) - restriction: && (>= net461) (>= netstandard1.6)
    System.Reflection.Primitives (4.3) - restriction: && (>= net461) (>= netstandard1.6)
    System.Resources.ResourceManager (4.3) - restriction: && (>= net461) (>= netstandard1.6)
    System.Runtime (4.3) - restriction: && (>= net461) (>= netstandard1.6)
    System.Runtime.Extensions (4.3) - restriction: && (>= net461) (>= netstandard1.6)
    System.Runtime.Handles (4.3) - restriction: && (>= net461) (>= netstandard1.6)
    System.Runtime.InteropServices (4.3) - restriction: && (>= net461) (>= netstandard1.6)
      System.Runtime (>= 4.3) - restriction: || (&& (< net45) (>= net461) (< netstandard1.2)) (&& (< net45) (>= net461) (< netstandard1.3)) (&& (< net45) (>= net461) (>= netstandard1.5)) (&& (< net45) (>= net461) (< netstandard1.5)) (&& (>= net461) (>= netcoreapp1.1)) (&& (>= net461) (< portable-net45+win8+wpa81)) (>= net462)
    System.Runtime.InteropServices.RuntimeInformation (4.3) - restriction: && (>= net461) (>= netstandard1.6)
    System.Runtime.Numerics (4.3) - restriction: && (>= net461) (>= netstandard1.6)
    System.Security.Cryptography.Algorithms (4.3) - restriction: && (>= net461) (>= netstandard1.6)
      System.IO (>= 4.3) - restriction: || (&& (< net46) (>= net461) (< netstandard1.4)) (&& (< net46) (>= net461) (>= netstandard1.6)) (&& (< net46) (>= net461) (< netstandard1.6)) (&& (>= net461) (< netstandard1.3)) (>= net463)
      System.Runtime (>= 4.3) - restriction: || (&& (< net46) (>= net461) (< netstandard1.4)) (&& (< net46) (>= net461) (>= netstandard1.6)) (&& (< net46) (>= net461) (< netstandard1.6)) (&& (>= net461) (< netstandard1.3)) (>= net463)
      System.Security.Cryptography.Encoding (>= 4.3) - restriction: || (&& (< net46) (>= net461) (>= netstandard1.6)) (&& (>= net461) (< netstandard1.3)) (>= net463)
      System.Security.Cryptography.Primitives (>= 4.3)
    System.Security.Cryptography.Encoding (4.3) - restriction: || (&& (>= net461) (>= netstandard1.6)) (&& (>= net463) (>= netstandard1.6))
    System.Security.Cryptography.Primitives (4.3) - restriction: || (&& (>= net461) (>= netstandard1.6)) (&& (>= net463) (>= netstandard1.6))
    System.Security.Cryptography.X509Certificates (4.3) - restriction: && (>= net461) (>= netstandard1.6)
      System.Security.Cryptography.Algorithms (>= 4.3)
      System.Security.Cryptography.Encoding (>= 4.3)
    System.Text.Encoding (4.3) - restriction: && (>= net461) (>= netstandard1.6)
    System.Text.Encoding.Extensions (4.3) - restriction: && (>= net461) (>= netstandard1.6)
    System.Text.RegularExpressions (4.3) - restriction: && (>= net461) (>= netstandard1.6)
    System.Threading (4.3) - restriction: && (>= net461) (>= netstandard1.6)
    System.Threading.Tasks (4.3) - restriction: && (>= net461) (>= netstandard1.6)
    System.Threading.Timer (4.3) - restriction: && (>= net461) (>= netstandard1.6)
    System.Xml.ReaderWriter (4.3) - restriction: && (>= net461) (>= netstandard1.6)
    System.Xml.XDocument (4.3) - restriction: && (>= net461) (>= netstandard1.6)
